PATH
  remote: .
  specs:
    garoon_scheduler (0.1.0)

GEM
  remote: https://rubygems.org/
  specs:
    rake (10.5.0)

PLATFORMS
  ruby

DEPENDENCIES
  bundler (~> 1.16)
  garoon_scheduler!
  rake (~> 10.0)

BUNDLED WITH
   1.16.1
